GEM
  specs:
    dotenv (0.8.0)
    foreman (0.63.0)
      dotenv (>= 0.7)
      thor (>= 0.13.6)
    thor (0.14.6)

PLATFORMS
  ruby

DEPENDENCIES
  foreman
